GEM
  remote: https://rubygems.org/
  specs:
    activesupport (3.2.18)
      i18n (~> 0.6, >= 0.6.4)
      multi_json (~> 1.0)
    bubble-wrap (1.6.0)
      bubble-wrap-http (= 1.6.0)
    bubble-wrap-http (1.6.0)
    claide (0.6.1)
    cocoapods (0.33.1)
      activesupport (>= 3.2.15, < 4)
      claide (~> 0.6.1)
      cocoapods-core (= 0.33.1)
      cocoapods-downloader (~> 0.6.1)
      cocoapods-plugins (~> 0.2.0)
      cocoapods-trunk (~> 0.1.1)
      cocoapods-try (~> 0.3.0)
      colored (~> 1.2)
      escape (~> 0.0.4)
      json_pure (~> 1.8)
      nap (~> 0.7)
      open4 (~> 1.3)
      xcodeproj (~> 0.17.0)
    cocoapods-core (0.33.1)
      activesupport (>= 3.2.15)
      fuzzy_match (~> 2.0.4)
      json_pure (~> 1.8)
      nap (~> 0.5)
    cocoapods-downloader (0.6.1)
    cocoapods-plugins (0.2.0)
      nap
    cocoapods-trunk (0.1.1)
      json (~> 1.8)
      nap (>= 0.6)
      netrc
    cocoapods-try (0.3.0)
    colored (1.2)
    escape (0.0.4)
    fuzzy_match (2.0.4)
    i18n (0.6.9)
    ib (0.4.4)
      thor (>= 0.15.4)
      tilt (>= 1.4.1)
      xcodeproj (>= 0.11.1)
    json (1.8.1)
    json_pure (1.8.1)
    motion-bundler (0.2.1)
      thor
    motion-cocoapods (1.5.0)
      cocoapods (>= 0.32.1)
    motion-testflight (1.5.1)
    motion_data_wrapper (0.0.7)
      bubble-wrap
    multi_json (1.10.1)
    nap (0.7.0)
    netrc (0.7.7)
    open4 (1.3.4)
    rake (10.3.2)
    thor (0.19.1)
    tilt (2.0.1)
    xcodeproj (0.17.0)
      activesupport (~> 3.0)
      colored (~> 1.2)

PLATFORMS
  ruby

DEPENDENCIES
  bubble-wrap
  ib
  motion-bundler
  motion-cocoapods
  motion-testflight
  motion_data_wrapper
  rake
  xcodeproj
